GEM
  remote: http://rubygems.org/
  specs:
    addressable (2.2.4)
    daemons (1.1.2)
    em-http-request (0.3.0)
      addressable (>= 2.0.0)
      escape_utils
      eventmachine (>= 0.12.9)
    em-synchrony (0.2.0)
      eventmachine (>= 0.12.9)
    escape_utils (0.2.3)
    eventmachine (0.12.10)
    rack (1.2.2)
    rack-fiber_pool (0.9.1)
    rack-test (0.5.6)
      rack (>= 1.0)
    thin (1.2.11)
      daemons (>= 1.0.9)
      eventmachine (>= 0.12.6)
      rack (>= 1.0.0)

PLATFORMS
  ruby

DEPENDENCIES
  em-http-request
  em-synchrony
  eventmachine
  rack
  rack-fiber_pool
  rack-test
  thin
